NUGET
  remote: http://nuget.org/api/v2
  specs:
    FAKE (3.5.7)
    FSharp.Formatting (2.2.11-beta)
      Microsoft.AspNet.Razor (>= 2.0.30506.0)
      RazorEngine (>= 3.3.0)
    FSharpx.Core (1.8.41)
    Microsoft.AspNet.Razor (2.0.30506.0)
    Microsoft.AspNet.WebApi.Client (5.1.2)
      Microsoft.Net.Http (>= 2.2.13)
      Newtonsoft.Json (>= 4.5.11)
    Microsoft.AspNet.WebApi.Core (5.1.2)
      Microsoft.AspNet.WebApi.Client (>= 5.1.2)
    Microsoft.Bcl (1.1.9)
      Microsoft.Bcl.Build (>= 1.0.14)
    Microsoft.Bcl.Build (1.0.21)
    Microsoft.Net.Http (2.2.28)
      Microsoft.Bcl (>= 1.1.9)
      Microsoft.Bcl.Build (>= 1.0.14)
    Newtonsoft.Json (6.0.3)
    NuGet.CommandLine (2.8.2)
    NUnit (2.6.3)
    NUnit.Runners (2.6.3)
    RazorEngine (3.3.0)
      Microsoft.AspNet.Razor (>= 2.0.30506.0)
    SourceLink.Fake (0.4.0)
    Unquote (2.2.2)
